GEM
  remote: http://rubygems.org/
  specs:
    ParseTree (3.0.5)
      RubyInline (>= 3.7.0)
      sexp_processor (>= 3.0.0)
    RubyInline (3.8.4)
      ZenTest
    ZenTest (4.3.3)
    activesupport (2.3.8)
    addressable (2.2.0)
    dalli (0.9.2)
    data_objects (0.10.2)
      addressable (~> 2.1)
    dm-core (1.0.0)
      addressable (~> 2.1)
      extlib (~> 0.9.15)
    dm-do-adapter (1.0.0)
      data_objects (~> 0.10.1)
      dm-core (~> 1.0.0)
    dm-migrations (1.0.0)
      dm-core (~> 1.0.0)
    dm-sqlite-adapter (1.0.0)
      dm-do-adapter (~> 1.0.0)
      do_sqlite3 (~> 0.10.2)
    dm-sweatshop (1.0.0)
      dm-core (~> 1.0.0)
      randexp (~> 0.1.5)
    do_sqlite3 (0.10.2)
      data_objects (= 0.10.2)
    extlib (0.9.15)
    gchart (1.0.0)
    memcache-client (1.8.5)
    rack (1.2.1)
    rack-test (0.5.4)
      rack (>= 1.0)
    racksh (0.9.7)
      rack (>= 1.0)
      rack-test (>= 0.5)
    rake (0.8.7)
    randexp (0.1.5)
      ParseTree
    rspec (1.3.0)
    sexp_processor (3.0.4)
    shotgun (0.8)
      rack (>= 1.0)
    sinatra (1.0)
      rack (>= 1.0)

PLATFORMS
  ruby

DEPENDENCIES
  activesupport (= 2.3.8)
  dalli (= 0.9.2)
  dm-core (= 1.0.0)
  dm-migrations (= 1.0.0)
  dm-sqlite-adapter (= 1.0.0)
  dm-sweatshop (= 1.0.0)
  do_sqlite3
  gchart (= 1.0.0)
  memcache-client
  rack-test (= 0.5.4)
  racksh
  rake (= 0.8.7)
  rspec (= 1.3.0)
  shotgun
  sinatra (= 1.0.0)
